PATH
  remote: .
  specs:
    google_places (0.0.5)
      httparty

GEM
  remote: http://rubygems.org/
  specs:
    crack (0.1.8)
    diff-lcs (1.1.2)
    fakeweb (1.3.0)
    httparty (0.7.7)
      crack (= 0.1.8)
    rspec (2.6.0)
      rspec-core (~> 2.6.0)
      rspec-expectations (~> 2.6.0)
      rspec-mocks (~> 2.6.0)
    rspec-core (2.6.0)
    rspec-expectations (2.6.0)
      diff-lcs (~> 1.1.2)
    rspec-mocks (2.6.0)
    vcr (1.9.0)

PLATFORMS
  ruby

DEPENDENCIES
  fakeweb
  google_places!
  rspec
  vcr
