PATH
  remote: .
  specs:
    google_places (0.9.1)
      httparty

GEM
  remote: http://rubygems.org/
  specs:
    diff-lcs (1.2.1)
    fakeweb (1.3.0)
    httparty (0.10.2)
      multi_json (~> 1.0)
      multi_xml (>= 0.5.2)
    multi_json (1.6.1)
    multi_xml (0.5.3)
    rspec (2.13.0)
      rspec-core (~> 2.13.0)
      rspec-expectations (~> 2.13.0)
      rspec-mocks (~> 2.13.0)
    rspec-core (2.13.0)
    rspec-expectations (2.13.0)
      diff-lcs (>= 1.1.3, < 2.0)
    rspec-mocks (2.13.0)
    vcr (2.4.0)

PLATFORMS
  ruby

DEPENDENCIES
  fakeweb
  google_places!
  rspec
  vcr
